GEM
  remote: https://rubygems.org/
  specs:
    awesome_print (1.6.1)
    elasticsearch (1.0.6)
      elasticsearch-api (= 1.0.6)
      elasticsearch-transport (= 1.0.6)
    elasticsearch-api (1.0.6)
      multi_json
    elasticsearch-transport (1.0.6)
      faraday
      multi_json
    faraday (0.9.1)
      multipart-post (>= 1.2, < 3)
    holidays (1.2.0)
    multi_json (1.10.1)
    multipart-post (2.0.0)
    require_all (1.3.2)

PLATFORMS
  ruby

DEPENDENCIES
  awesome_print
  elasticsearch
  holidays
  require_all
